GEM
  remote: https://rubygems.org/
  specs:
    activesupport (3.2.12)
      i18n (~> 0.6)
      multi_json (~> 1.0)
    httparty (0.10.2)
      multi_json (~> 1.0)
      multi_xml (>= 0.5.2)
    i18n (0.6.4)
    lastfm (1.17.0)
      activesupport (>= 3.0.3)
      httparty
      xml-simple
    multi_json (1.6.1)
    multi_xml (0.5.3)
    xml-simple (1.1.2)

PLATFORMS
  ruby

DEPENDENCIES
  lastfm
